GEM
  remote: http://rubygems.org/
  specs:
    acl9 (0.11.0)
    actionmailer (2.3.5)
      actionpack (= 2.3.5)
    actionpack (2.3.5)
      activesupport (= 2.3.5)
      rack (~> 1.0.0)
    activerecord (2.3.5)
      activesupport (= 2.3.5)
    activeresource (2.3.5)
      activesupport (= 2.3.5)
    activesupport (2.3.5)
    authlogic (2.1.3)
      activesupport
    aws-s3 (0.6.2)
      builder
      mime-types
      xml-simple
    builder (3.0.0)
    chronic (0.2.3)
      hoe (>= 1.2.1)
    daemons (1.0.10)
    fleximage (1.0.4)
      aws-s3
      rmagick
    hoe (2.9.1)
      rake (>= 0.8.7)
    i18n (0.4.1)
    mime-types (1.16)
    mysql (2.8.1)
    packet (0.1.15)
    rack (1.0.1)
    rails (2.3.5)
      actionmailer (= 2.3.5)
      actionpack (= 2.3.5)
      activerecord (= 2.3.5)
      activeresource (= 2.3.5)
      activesupport (= 2.3.5)
      rake (>= 0.8.3)
    rake (0.8.7)
    rmagick (2.12.2)
    will_paginate (2.3.11)
    xml-simple (1.0.14)

PLATFORMS
  ruby

DEPENDENCIES
  acl9 (= 0.11.0)
  authlogic (= 2.1.3)
  chronic (= 0.2.3)
  daemons (= 1.0.10)
  fleximage (= 1.0.4)
  i18n (= 0.4.1)
  mysql
  packet (= 0.1.15)
  rails (= 2.3.5)
  rmagick (= 2.12.2)
  will_paginate (= 2.3.11)
